GIT
  remote: https://github.com/kaspernj/baza_models.git
  revision: 620982c4570e6860097297134c8bc09780d6780a
  specs:
    baza_models (0.0.15)
      array_enumerator
      auto_autoloader
      baza
      html_gen
      simple_delegate
      string-cases
      wref (>= 0.0.11)

GEM
  remote: http://rubygems.org/
  specs:
    addressable (2.8.7)
      public_suffix (>= 2.0.2, < 7.0)
    array_enumerator (0.0.10)
    auto_autoloader (0.0.5)
      string-cases
    baza (0.0.39)
      array_enumerator (>= 0.0.10)
      auto_autoloader (>= 0.0.5)
      datet (>= 0.0.25)
      event_handler
      simple_delegate (>= 0.0.2)
      string-cases (>= 0.0.4)
      wref (>= 0.0.11)
    coderay (1.1.3)
    date (3.4.1)
    datet (0.0.25)
    diff-lcs (1.5.1)
    docile (1.4.0)
    event_handler (0.0.0)
    gemcutter (0.7.1)
    git (1.13.0)
      addressable (~> 2.8)
      rchardet (~> 1.8)
    html_gen (0.0.16)
      string-cases
    jeweler (1.4.0)
      gemcutter (>= 0.1.0)
      git (>= 1.2.5)
      rubyforge (>= 2.0.0)
    json_pure (2.8.1)
    method_source (1.1.0)
    mini_portile2 (2.8.5)
    pry (0.15.2)
      coderay (~> 1.1)
      method_source (~> 1.0)
    psych (5.2.3)
      date
      stringio
    public_suffix (6.0.1)
    rchardet (1.9.0)
    rdoc (6.11.0)
      psych (>= 4.0.0)
    ref (2.0.0)
    rspec (3.13.0)
      rspec-core (~> 3.13.0)
      rspec-expectations (~> 3.13.0)
      rspec-mocks (~> 3.13.0)
    rspec-core (3.13.0)
      rspec-support (~> 3.13.0)
    rspec-expectations (3.13.0)
      diff-lcs (>= 1.2.0, < 2.0)
      rspec-support (~> 3.13.0)
    rspec-mocks (3.13.0)
      diff-lcs (>= 1.2.0, < 2.0)
      rspec-support (~> 3.13.0)
    rspec-support (3.13.1)
    rubyforge (2.0.4)
      json_pure (>= 1.1.7)
    simple_delegate (0.0.4)
    simplecov (0.22.0)
      docile (~> 1.1)
      simplecov-html (~> 0.11)
      simplecov_json_formatter (~> 0.1)
    simplecov-html (0.12.3)
    simplecov_json_formatter (0.1.4)
    sqlite3 (1.6.9)
      mini_portile2 (~> 2.8.0)
    string-cases (0.0.4)
    stringio (3.1.2)
    wref (0.0.11)
      ref

PLATFORMS
  ruby

DEPENDENCIES
  baza_models!
  bundler
  jeweler
  pry
  rdoc
  rspec
  simplecov
  sqlite3

BUNDLED WITH
   2.2.32
